GEM
  remote: https://rubygems.org/
  specs:
    blankslate (3.1.2)
    byebug (4.0.5)
      columnize (= 0.9.0)
    classifier (1.3.3)
      fast-stemmer (>= 1.0.0)
    coderay (1.1.0)
    coffee-script (2.2.0)
      coffee-script-source
      execjs
    coffee-script-source (1.6.3)
    colorator (0.1)
    colored (1.2)
    columnize (0.9.0)
    commander (4.1.5)
      highline (~> 1.6.11)
    configure-s3-website (1.6.0)
      deep_merge (= 1.0.0)
    daemons (1.1.9)
    deep_merge (1.0.0)
    dotenv (1.0.2)
    eventmachine (1.0.3)
    execjs (2.0.2)
    fast-stemmer (1.0.2)
    ffi (1.9.3)
    formatador (0.2.5)
    guard (1.8.3)
      formatador (>= 0.2.4)
      listen (~> 1.3)
      lumberjack (>= 1.0.2)
      pry (>= 0.9.10)
      thor (>= 0.14.6)
    guard-shell (0.6.1)
      guard (>= 1.1.0)
    highline (1.6.20)
    hike (1.2.3)
    jekyll (1.3.0)
      classifier (~> 1.3)
      colorator (~> 0.1)
      commander (~> 4.1.3)
      liquid (~> 2.5.2)
      listen (~> 1.3)
      maruku (~> 0.6.0)
      pygments.rb (~> 0.5.0)
      redcarpet (~> 2.3.0)
      safe_yaml (~> 0.9.7)
    jekyll-assets (0.7.4)
      jekyll (~> 1.0)
      sprockets (~> 2.10)
    json (1.8.1)
    liquid (2.5.3)
    listen (1.3.1)
      rb-fsevent (>= 0.9.3)
      rb-inotify (>= 0.9)
      rb-kqueue (>= 0.2)
    lumberjack (1.0.9)
    maruku (0.6.1)
      syntax (>= 1.0.0)
    method_source (0.8.2)
    multi_json (1.8.2)
    posix-spawn (0.3.6)
    pry (0.10.1)
      coderay (~> 1.1.0)
      method_source (~> 0.8.1)
      slop (~> 3.4)
    puma (2.6.0)
      rack (>= 1.1, < 2.0)
    pygments.rb (0.5.4)
      posix-spawn (~> 0.3.6)
      yajl-ruby (~> 1.1.0)
    rack (1.5.2)
    rack-contrib (1.1.0)
      rack (>= 0.9.1)
    rack-jekyll (0.4.1)
      jekyll (>= 0.12.0, < 2.0)
      rack (~> 1.5.0)
    rb-fsevent (0.9.3)
    rb-inotify (0.9.2)
      ffi (>= 0.5.0)
    rb-kqueue (0.2.0)
      ffi (>= 0.5.0)
    redcarpet (2.3.0)
    rubypython (0.6.3)
      blankslate (>= 2.1.2.3)
      ffi (>= 1.0.7)
    s3_website (2.7.3)
      colored (= 1.2)
      configure-s3-website (= 1.6.0)
      dotenv (~> 1.0)
      thor (~> 0.18)
    safe_yaml (0.9.7)
    sass (3.2.12)
    shotgun (0.9)
      rack (>= 1.0)
    slop (3.6.0)
    sprockets (2.10.0)
      hike (~> 1.2)
      multi_json (~> 1.0)
      rack (~> 1.0)
      tilt (~> 1.1, != 1.3.0)
    syntax (1.0.0)
    thin (1.6.1)
      daemons (>= 1.0.9)
      eventmachine (>= 1.0.0)
      rack (>= 1.0.0)
    thor (0.19.1)
    tilt (1.4.1)
    uglifier (2.3.1)
      execjs (>= 0.3.0)
      json (>= 1.8.0)
    yajl-ruby (1.1.0)

PLATFORMS
  ruby

DEPENDENCIES
  byebug
  coffee-script (~> 2.2.0)
  dotenv (~> 1.0.2)
  guard-shell (~> 0.6.1)
  jekyll (~> 1.3.0)
  jekyll-assets (~> 0.7.4)
  puma (~> 2.6.0)
  pygments.rb (~> 0.5.4)
  rack-contrib (~> 1.1.0)
  rack-jekyll (~> 0.4.1)
  rubypython (~> 0.6.3)
  s3_website (~> 2.7.3)
  sass (~> 3.2.12)
  shotgun (~> 0.9)
  thin (~> 1.6.1)
  uglifier (~> 2.3.1)
